GEM
  remote: https://rubygems.org/
  specs:
    daemons (1.4.1)
    em-websocket (0.5.3)
      eventmachine (>= 0.12.9)
      http_parser.rb (~> 0)
    eventmachine (1.2.7)
    ffi (1.15.4)
    http_parser.rb (0.8.0)
    json (2.6.1)
    listen (3.7.0)
      rb-fsevent (~> 0.10, >= 0.10.3)
      rb-inotify (~> 0.9, >= 0.9.10)
    mustermann (1.1.1)
      ruby2_keywords (~> 0.0.1)
    nio4r (2.5.8)
    open3 (0.1.1)
    puma (5.5.2)
      nio4r (~> 2.0)
    rack (2.2.3)
    rack-protection (2.1.0)
      rack
    rake (13.0.6)
    rb-fsevent (0.11.0)
    rb-inotify (0.10.1)
      ffi (~> 1.0)
    rerun (0.13.1)
      listen (~> 3.0)
    ruby2_keywords (0.0.5)
    sinatra (2.1.0)
      mustermann (~> 1.0)
      rack (~> 2.2)
      rack-protection (= 2.1.0)
      tilt (~> 2.0)
    sinatra-websocket (0.2.0)
      em-websocket (>= 0.3.6)
      eventmachine
      thin (>= 1.3.1)
    thin (1.8.1)
      daemons (~> 1.0, >= 1.0.9)
      eventmachine (~> 1.0, >= 1.0.4)
      rack (>= 1, < 3)
    tilt (2.0.10)

PLATFORMS
  x86_64-linux

DEPENDENCIES
  em-websocket (~> 0.5.3)
  json (~> 2.6)
  open3 (~> 0.1.1)
  puma (~> 5.5)
  rake (~> 13.0)
  rerun (~> 0.13.1)
  sinatra (~> 2.1)
  sinatra-websocket (~> 0.2.0)

BUNDLED WITH
   2.2.32
